PATH
  remote: .
  specs:
    rake-portile (0.0.0)
      mini_portile2
      rake

GEM
  remote: https://rubygems.org/
  specs:
    mini_portile2 (2.4.0)
    rake (12.3.3)

PLATFORMS
  ruby

DEPENDENCIES
  rake (~> 12.0)
  rake-portile!

BUNDLED WITH
   2.1.0.pre.3
